PATH
  remote: .
  specs:
<<<<<<< HEAD
    keppler (2.1.16)
=======
    keppler (2.1.15)
>>>>>>> 3a47a9e9183b351a7218d9ab7b5e02cd38af52dc
      httparty
      thor

GEM
  remote: https://rubygems.org/
  specs:
    httparty (0.16.2)
      multi_xml (>= 0.5.2)
    multi_xml (0.6.0)
    rake (10.5.0)
    thor (0.20.0)

PLATFORMS
  ruby

DEPENDENCIES
  bundler (~> 1.16)
  keppler!
  rake (~> 10.0)

BUNDLED WITH
   1.17.1
