PATH
  remote: .
  specs:
    keppler (2.1.20)
      httparty
      thor

GEM
  remote: https://rubygems.org/
  specs:
    httparty (0.16.2)
      multi_xml (>= 0.5.2)
    multi_xml (0.6.0)
    rake (10.5.0)
    thor (0.20.3)

PLATFORMS
  ruby

DEPENDENCIES
  bundler (~> 1.16)
  keppler!
  rake (~> 10.0)

BUNDLED WITH
   1.17.1
