PATH
  remote: .
  specs:
    keppler (2.0.0)
      httparty (~> 0.16.2)
      rubygems-tasks (~> 0.2.4)
      thor (~> 0.20.0)

GEM
  remote: https://rubygems.org/
  specs:
    httparty (0.16.2)
      multi_xml (>= 0.5.2)
    multi_xml (0.6.0)
    rake (10.5.0)
    rubygems-tasks (0.2.4)
    thor (0.20.0)

PLATFORMS
  ruby

DEPENDENCIES
  bundler (~> 1.16)
  keppler!
  rake (~> 10.0)
  rubygems-tasks

BUNDLED WITH
   1.16.1
